PATH
  remote: .
  specs:
    foodie (0.1.0)
      activesupport (~> 4.2.0)

GEM
  remote: https://rubygems.org/
  specs:
    activesupport (4.2.11.3)
      i18n (~> 0.7)
      minitest (~> 5.1)
      thread_safe (~> 0.3, >= 0.3.4)
      tzinfo (~> 1.1)
    aruba (2.0.0)
      bundler (>= 1.17, < 3.0)
      childprocess (>= 2.0, < 5.0)
      contracts (>= 0.16.0, < 0.18.0)
      cucumber (>= 4.0, < 8.0)
      rspec-expectations (~> 3.4)
      thor (~> 1.0)
    builder (3.2.4)
    childprocess (4.1.0)
    concurrent-ruby (1.1.9)
    contracts (0.16.1)
    cucumber (7.1.0)
      builder (~> 3.2, >= 3.2.4)
      cucumber-core (~> 10.1, >= 10.1.0)
      cucumber-create-meta (~> 6.0, >= 6.0.1)
      cucumber-cucumber-expressions (~> 14.0, >= 14.0.0)
      cucumber-gherkin (~> 22.0, >= 22.0.0)
      cucumber-html-formatter (~> 17.0, >= 17.0.0)
      cucumber-messages (~> 17.1, >= 17.1.1)
      cucumber-wire (~> 6.2, >= 6.2.0)
      diff-lcs (~> 1.4, >= 1.4.4)
      mime-types (~> 3.3, >= 3.3.1)
      multi_test (~> 0.1, >= 0.1.2)
      sys-uname (~> 1.2, >= 1.2.2)
    cucumber-core (10.1.0)
      cucumber-gherkin (~> 22.0, >= 22.0.0)
      cucumber-messages (~> 17.1, >= 17.1.1)
      cucumber-tag-expressions (~> 4.0, >= 4.0.2)
    cucumber-create-meta (6.0.4)
      cucumber-messages (~> 17.1, >= 17.1.1)
      sys-uname (~> 1.2, >= 1.2.2)
    cucumber-cucumber-expressions (14.0.0)
    cucumber-gherkin (22.0.0)
      cucumber-messages (~> 17.1, >= 17.1.1)
    cucumber-html-formatter (17.0.0)
      cucumber-messages (~> 17.1, >= 17.1.0)
    cucumber-messages (17.1.1)
    cucumber-tag-expressions (4.1.0)
    cucumber-wire (6.2.1)
      cucumber-core (~> 10.1, >= 10.1.0)
      cucumber-cucumber-expressions (~> 14.0, >= 14.0.0)
    diff-lcs (1.5.0)
    ffi (1.15.4)
    i18n (0.9.5)
      concurrent-ruby (~> 1.0)
    mime-types (3.4.1)
      mime-types-data (~> 3.2015)
    mime-types-data (3.2022.0105)
    minitest (5.15.0)
    multi_test (0.1.2)
    rake (12.3.3)
    rspec (3.10.0)
      rspec-core (~> 3.10.0)
      rspec-expectations (~> 3.10.0)
      rspec-mocks (~> 3.10.0)
    rspec-core (3.10.1)
      rspec-support (~> 3.10.0)
    rspec-expectations (3.10.1)
      diff-lcs (>= 1.2.0, < 2.0)
      rspec-support (~> 3.10.0)
    rspec-mocks (3.10.2)
      diff-lcs (>= 1.2.0, < 2.0)
      rspec-support (~> 3.10.0)
    rspec-support (3.10.3)
    sys-uname (1.2.2)
      ffi (~> 1.1)
    thor (1.2.1)
    thread_safe (0.3.6)
    tzinfo (1.2.9)
      thread_safe (~> 0.1)

PLATFORMS
  ruby

DEPENDENCIES
  aruba
  cucumber
  foodie!
  rake (~> 12.0)
  rspec (~> 3.2)

BUNDLED WITH
   2.1.2
